GEM
  remote: http://rubygems.org/
  specs:
    daemons (1.1.4)
    diff-lcs (1.1.2)
    json (1.5.1)
    nokogiri (1.4.4)
    rspec (2.5.0)
      rspec-core (~> 2.5.0)
      rspec-expectations (~> 2.5.0)
      rspec-mocks (~> 2.5.0)
    rspec-core (2.5.1)
    rspec-expectations (2.5.0)
      diff-lcs (~> 1.1.2)
    rspec-mocks (2.5.0)

PLATFORMS
  ruby

DEPENDENCIES
  daemons
  json
  nokogiri
  rspec
